PATH
  remote: .
  specs:
    unwrappr (0.1.0)
      clamp

GEM
  remote: https://rubygems.org/
  specs:
    clamp (1.2.1)
    diff-lcs (1.3)
    fakefs (0.13.3)
    rake (10.5.0)
    rspec (3.7.0)
      rspec-core (~> 3.7.0)
      rspec-expectations (~> 3.7.0)
      rspec-mocks (~> 3.7.0)
    rspec-core (3.7.1)
      rspec-support (~> 3.7.0)
    rspec-expectations (3.7.0)
      diff-lcs (>= 1.2.0, < 2.0)
      rspec-support (~> 3.7.0)
    rspec-mocks (3.7.0)
      diff-lcs (>= 1.2.0, < 2.0)
      rspec-support (~> 3.7.0)
    rspec-support (3.7.1)

PLATFORMS
  ruby

DEPENDENCIES
  bundler (~> 1.16)
  fakefs
  rake (~> 10.0)
  rspec (~> 3.0)
  unwrappr!

BUNDLED WITH
   1.16.1
